GIT
  remote: https://github.com/kacperk/sockjs-ruby.git
  revision: 66e566c51ba60d7b1421b67d2b86f4c389741600
  specs:
    sockjs (0.3.4.3)
      faye-websocket (~> 0.7.1)
      json
      rack
      rack-mount (~> 0.8.3)
      regin (~> 0.3.8)
      thin

GIT
  remote: https://github.com/opal/opal-jquery.git
  revision: 9962071e4c4209e9de19c9ed81414af592be6e7e
  specs:
    opal-jquery (0.1.2)
      opal (>= 0.5.0, < 1.0.0)

GIT
  remote: https://github.com/opal/opal.git
  revision: a287de3fc2c28066ffe68e502f0552ef486ad630
  specs:
    opal (0.6.0)
      source_map
      sprockets

PATH
  remote: /Users/ryanstout/Sites/dataframe/parlay
  specs:
    volt (0.2.3)
      mongo (~> 1.9.0)
      multi_json (~> 1.8.2)
      nokogiri (~> 1.6.0)
      oj (~> 2.3.0)
      pry (~> 0.9.12.0)
      rack (~> 1.5.0)
      rake (~> 10.0.4)
      rspec (= 3.0.0.beta1)
      sass (~> 3.2.5)
      sprockets-sass (~> 1.0.0)
      thin (~> 1.6.0)
      thor (~> 0.18.0)

GEM
  remote: https://rubygems.org/
  specs:
    bson (1.9.2)
    coderay (1.1.0)
    daemons (1.1.9)
    diff-lcs (1.2.5)
    eventmachine (1.0.3)
    faye-websocket (0.7.2)
      eventmachine (>= 0.12.0)
      websocket-driver (>= 0.3.1)
    hike (1.2.3)
    json (1.8.1)
    method_source (0.8.2)
    mini_portile (0.5.2)
    mongo (1.9.2)
      bson (~> 1.9.2)
    multi_json (1.8.2)
    nokogiri (1.6.1)
      mini_portile (~> 0.5.0)
    oj (2.3.0)
    pry (0.9.12.4)
      coderay (~> 1.0)
      method_source (~> 0.8)
      slop (~> 3.4)
    rack (1.5.2)
    rack-mount (0.8.3)
      rack (>= 1.0.0)
    rake (10.0.4)
    regin (0.3.8)
    rspec (3.0.0.beta1)
      rspec-core (= 3.0.0.beta1)
      rspec-expectations (= 3.0.0.beta1)
      rspec-mocks (= 3.0.0.beta1)
    rspec-core (3.0.0.beta1)
      rspec-support (= 3.0.0.beta1)
    rspec-expectations (3.0.0.beta1)
      diff-lcs (>= 1.1.3, < 2.0)
      rspec-support (= 3.0.0.beta1)
    rspec-mocks (3.0.0.beta1)
      rspec-support (= 3.0.0.beta1)
    rspec-support (3.0.0.beta1)
    sass (3.2.13)
    slop (3.4.7)
    source_map (3.0.1)
      json
    sprockets (2.10.1)
      hike (~> 1.2)
      multi_json (~> 1.0)
      rack (~> 1.0)
      tilt (~> 1.1, != 1.3.0)
    sprockets-sass (1.0.2)
      sprockets (~> 2.0)
      tilt (~> 1.1)
    thin (1.6.1)
      daemons (>= 1.0.9)
      eventmachine (>= 1.0.0)
      rack (>= 1.0.0)
    thor (0.18.1)
    tilt (1.4.1)
    volt-bootstrap (0.0.1)
    websocket-driver (0.3.2)

PLATFORMS
  ruby

DEPENDENCIES
  opal!
  opal-jquery!
  sockjs!
  volt!
  volt-bootstrap
